PATH
  remote: .
  specs:
    firefly (1.4.1)
      dm-aggregates (~> 1.0.2)
      dm-core (~> 1.0.2)
      dm-migrations (~> 1.0.2)
      dm-mysql-adapter (~> 1.0.2)
      dm-transactions (~> 1.0.2)
      haml (~> 3.0.18)
      sinatra (~> 1.0)

GEM
  remote: http://rubygems.org/
  specs:
    addressable (2.2.5)
    data_objects (0.10.3)
      addressable (~> 2.1)
    dm-aggregates (1.0.2)
      dm-core (~> 1.0.2)
    dm-core (1.0.2)
      addressable (~> 2.2)
      extlib (~> 0.9.15)
    dm-do-adapter (1.0.2)
      data_objects (~> 0.10.2)
      dm-core (~> 1.0.2)
    dm-migrations (1.0.2)
      dm-core (~> 1.0.2)
    dm-mysql-adapter (1.0.2)
      dm-do-adapter (~> 1.0.2)
      do_mysql (~> 0.10.2)
    dm-transactions (1.0.2)
      dm-core (~> 1.0.2)
    do_mysql (0.10.3)
      data_objects (= 0.10.3)
    extlib (0.9.15)
    haml (3.0.25)
    rack (1.2.2)
    rack-test (0.5.7)
      rack (>= 1.0)
    rspec (1.3.2)
    sinatra (1.2.3)
      rack (~> 1.1)
      tilt (>= 1.2.2, < 2.0)
    tilt (1.2.2)

PLATFORMS
  ruby

DEPENDENCIES
  firefly!
  rack-test (~> 0.5.4)
  rspec (~> 1.3.0)
